GEM
  remote: https://rubygems.org/
  specs:
    activesupport (7.0.8)
      concurrent-ruby (~> 1.0, >= 1.0.2)
      i18n (>= 1.6, < 2)
      minitest (>= 5.1)
      tzinfo (~> 2.0)
    ast (2.4.2)
    better_errors (2.10.1)
      erubi (>= 1.0.0)
      rack (>= 0.9.0)
      rouge (>= 1.0.0)
    bigdecimal (3.1.8)
    binding_of_caller (1.0.1)
      debug_inspector (>= 1.2.0)
    clockwork (3.0.2)
      activesupport
      tzinfo
    concurrent-ruby (1.3.3)
    date (3.3.4)
    debug_inspector (1.2.0)
    dotenv (2.8.1)
    dotiw (5.3.3)
      activesupport
      i18n
    erubi (1.13.0)
    faker (2.23.0)
      i18n (>= 1.8.11, < 2)
    faraday (2.9.2)
      faraday-net_http (>= 2.0, < 3.2)
    faraday-multipart (1.0.4)
      multipart-post (~> 2)
    faraday-net_http (3.1.0)
      net-http
    httparty (0.21.0)
      mini_mime (>= 1.0.0)
      multi_xml (>= 0.5.2)
    i18n (1.14.5)
      concurrent-ruby (~> 1.0)
    json (2.7.2)
    language_server-protocol (3.17.0.3)
    logger (1.6.0)
    mini_mime (1.1.5)
    minitest (5.24.0)
    multi_json (1.15.0)
    multi_xml (0.7.1)
      bigdecimal (~> 3.1)
    multipart-post (2.4.1)
    mustermann (2.0.2)
      ruby2_keywords (~> 0.0.1)
    net-http (0.4.1)
      uri
    net-imap (0.3.7)
      date
      net-protocol
    net-protocol (0.2.2)
      timeout
    nio4r (2.7.3)
    pagy (6.5.0)
    parallel (1.25.1)
    parser (3.3.3.0)
      ast (~> 2.4.1)
      racc
    puma (6.4.2)
      nio4r (~> 2.0)
    racc (1.8.0)
    rack (2.2.9)
    rack-flash3 (1.0.5)
      rack
    rack-protection (2.2.4)
      rack
    rainbow (3.1.1)
    rake (13.2.1)
    rb_sys (0.9.97)
    regexp_parser (2.9.2)
    rexml (3.3.0)
      strscan
    rouge (4.3.0)
    rubocop (1.64.1)
      json (~> 2.3)
      language_server-protocol (>= 3.17.0)
      parallel (~> 1.10)
      parser (>= 3.3.0.2)
      rainbow (>= 2.2.2, < 4.0)
      regexp_parser (>= 1.8, < 3.0)
      rexml (>= 3.2.5, < 4.0)
      rubocop-ast (>= 1.31.1, < 2.0)
      ruby-progressbar (~> 1.7)
      unicode-display_width (>= 2.4.0, < 3.0)
    rubocop-ast (1.31.3)
      parser (>= 3.3.1.0)
    rubocop-performance (1.21.1)
      rubocop (>= 1.48.1, < 2.0)
      rubocop-ast (>= 1.31.1, < 2.0)
    rubocop-rake (0.6.0)
      rubocop (~> 1.0)
    rubocop-sequel (0.3.4)
      rubocop (~> 1.0)
    ruby-openai (4.3.2)
      faraday (>= 1)
      faraday-multipart (>= 1)
    ruby-progressbar (1.13.0)
    ruby2_keywords (0.0.5)
    securerandom (0.2.2)
    sequel (5.81.0)
      bigdecimal
    sinatra (2.2.4)
      mustermann (~> 2.0)
      rack (~> 2.2)
      rack-protection (= 2.2.4)
      tilt (~> 2.0)
    sinatra-contrib (2.2.4)
      multi_json
      mustermann (~> 2.0)
      rack-protection (= 2.2.4)
      sinatra (= 2.2.4)
      tilt (~> 2.0)
    sqlite3 (1.7.3-arm-linux)
    sqlite3 (1.7.3-x86_64-linux)
    strscan (3.1.0)
    taglib-ruby (1.1.3)
    tilt (2.3.0)
    timeout (0.4.1)
    tokenizers (0.3.3)
      rb_sys
    tokenizers (0.3.3-x86_64-linux)
    tzinfo (2.0.6)
      concurrent-ruby (~> 1.0)
    unicode-display_width (2.5.0)
    uri (0.13.0)

PLATFORMS
  armv7l-linux-eabihf
  x86_64-linux

DEPENDENCIES
  activesupport (= 7.0.8)
  better_errors (~> 2.10)
  binding_of_caller (~> 1.0)
  clockwork (~> 3.0)
  dotenv (~> 2.8)
  dotiw (~> 5.3)
  faker (~> 2.23)
  faraday (~> 2.9)
  httparty (~> 0.21.0)
  logger (~> 1.5)
  net-imap (~> 0.3.4)
  pagy (~> 6.0)
  puma (~> 6.0)
  rack-flash3 (~> 1.0)
  rake (~> 13.0)
  rubocop (~> 1.64)
  rubocop-performance (~> 1.21)
  rubocop-rake (~> 0.6.0)
  rubocop-sequel (~> 0.3.4)
  ruby-openai (~> 4.0)
  securerandom (~> 0.2.2)
  sequel (~> 5.68)
  sinatra (~> 2.1)
  sinatra-contrib (~> 2.1)
  sqlite3 (~> 1.6)
  taglib-ruby (~> 1.1)
  tokenizers (~> 0.3.3)

RUBY VERSION
   ruby 3.2.0p0

BUNDLED WITH
   2.4.17
